GEM
  remote: https://rubygems.org/
  specs:
    commander (4.1.5)
      highline (~> 1.6.11)
    hashr (0.0.22)
    highline (1.6.19)
    jenkins_api_client (0.14.1)
      json
      mixlib-shellout (>= 1.1.0)
      nokogiri (~> 1.5.0)
      terminal-table (>= 1.4.0)
      thor (>= 0.16.0)
    json (1.8.0)
    mixlib-shellout (1.2.0)
    nokogiri (1.5.10)
    terminal-table (1.4.5)
    thor (0.18.1)

PLATFORMS
  ruby

DEPENDENCIES
  commander (~> 4.1.5)
  hashr (~> 0.0.22)
  jenkins_api_client (~> 0.14.1)
